GEM
  remote: https://rubygems.org/
  specs:
    addressable (2.3.6)
    bootstrap (0.0.1)
    daemons (1.1.9)
    dm-core (1.2.1)
      addressable (~> 2.3)
    eventmachine (1.0.3)
    rack (1.5.2)
    sass (3.4.6)
    sinatra (1.0)
      rack (>= 1.0)
    slim (2.1.0)
      temple (~> 0.6.9)
      tilt (>= 1.3.3, < 2.1)
    temple (0.6.9)
    thin (1.6.3)
      daemons (~> 1.0, >= 1.0.9)
      eventmachine (~> 1.0)
      rack (~> 1.0)
    tilt (2.0.1)

PLATFORMS
  ruby

DEPENDENCIES
  bootstrap
  dm-core
  sass
  sinatra
  slim
  thin
